GEM
  remote: https://rubygems.org/
  specs:
    addressable (2.7.0)
      public_suffix (>= 2.0.2, < 5.0)
    dotenv (2.7.5)
    down (5.1.1)
      addressable (~> 2.5)
    mini_portile2 (2.4.0)
    nokogiri (1.10.8)
      mini_portile2 (~> 2.4.0)
    public_suffix (4.0.3)

PLATFORMS
  ruby

DEPENDENCIES
  dotenv
  down
  nokogiri

BUNDLED WITH
   1.17.2
